PATH
  remote: .
  specs:
    jasmine (1.0.2.0beta1)
      json_pure (~> 1.4.3)
      selenium-client (>= 1.2.18)
      selenium-rc (>= 2.2.1)

GEM
  remote: http://rubygems.org/
  specs:
    actionmailer (2.3.10)
      actionpack (= 2.3.10)
    actionpack (2.3.10)
      activesupport (= 2.3.10)
      rack (~> 1.1.0)
    activerecord (2.3.10)
      activesupport (= 2.3.10)
    activeresource (2.3.10)
      activesupport (= 2.3.10)
    activesupport (2.3.10)
    gem-release (0.0.16)
    json_pure (1.4.6)
    rack (1.1.0)
    rack-test (0.5.7)
      rack (>= 1.0)
    rails (2.3.10)
      actionmailer (= 2.3.10)
      actionpack (= 2.3.10)
      activerecord (= 2.3.10)
      activeresource (= 2.3.10)
      activesupport (= 2.3.10)
      rake (>= 0.8.3)
    rake (0.8.7)
    rspec (1.3.1)
    selenium-client (1.2.18)
    selenium-rc (2.2.4)
      selenium-client (>= 1.2.18)

PLATFORMS
  ruby

DEPENDENCIES
  gem-release
  jasmine!
  rack (= 1.1)
  rack-test
  rails (= 2.3.10)
  rspec (= 1.3.1)
